GEM
  remote: https://rubygems.org/
  specs:
    rack (2.0.7)

PLATFORMS
  ruby

DEPENDENCIES
  rack (>= 1.6.11)

RUBY VERSION
   ruby 2.6.3p62

BUNDLED WITH
   2.0.1
